GEM
  remote: https://rubygems.org/
  specs:
    crack (0.4.2)
      safe_yaml (~> 1.0.0)
    safe_yaml (1.0.4)

PLATFORMS
  ruby

DEPENDENCIES
  crack
